GEM
  remote: https://rubygems.org/
  specs:
    mspec (1.9.1)
    rake (12.3.3)

PLATFORMS
  ruby

DEPENDENCIES
  mspec (~> 1.9)
  rake (~> 12)

BUNDLED WITH
   1.11.2
